GEM
  remote: https://rubygems.org/
  specs:
    mini_portile2 (2.8.4)
    nokogiri (1.13.10)
      mini_portile2 (~> 2.8.0)
      racc (~> 1.4)
    ojxv (1.0.1)
      nokogiri (~> 1.13.1)
    racc (1.7.1)

PLATFORMS
  ruby

DEPENDENCIES
  ojxv

BUNDLED WITH
   2.4.13
