GEM
  remote: https://rubygems.org/
  specs:
    mini_portile2 (2.8.0)
    nokogiri (1.13.3)
      mini_portile2 (~> 2.8.0)
      racc (~> 1.4)
    ojxv (1.0.1)
      nokogiri (~> 1.13.1)
    racc (1.6.0)

PLATFORMS
  ruby

DEPENDENCIES
  ojxv

BUNDLED WITH
   2.3.7
