GEM
  remote: https://rubygems.org/
  specs:
    mini_portile2 (2.8.6)
    nokogiri (1.16.4)
      mini_portile2 (~> 2.8.2)
      racc (~> 1.4)
    ojxv (1.2.0)
      nokogiri (~> 1.16.4)
    racc (1.7.3)

PLATFORMS
  ruby

DEPENDENCIES
  ojxv

BUNDLED WITH
   2.5.10
